PATH
  remote: .
  specs:
    apple-media (0.0.2.0)
      jwt

GEM
  remote: https://rubygems.org/
  specs:
    byebug (10.0.2)
    coderay (1.1.2)
    diff-lcs (1.3)
    jwt (2.1.0)
    method_source (0.8.2)
    pry (0.10.4)
      coderay (~> 1.1.0)
      method_source (~> 0.8.1)
      slop (~> 3.4)
    pry-byebug (3.6.0)
      byebug (~> 10.0)
      pry (~> 0.10)
    pry-doc (0.12.0)
      pry (~> 0.9)
      yard (~> 0.9)
    rake (10.5.0)
    rspec (3.8.0)
      rspec-core (~> 3.8.0)
      rspec-expectations (~> 3.8.0)
      rspec-mocks (~> 3.8.0)
    rspec-core (3.8.0)
      rspec-support (~> 3.8.0)
    rspec-expectations (3.8.2)
      diff-lcs (>= 1.2.0, < 2.0)
      rspec-support (~> 3.8.0)
    rspec-mocks (3.8.0)
      diff-lcs (>= 1.2.0, < 2.0)
      rspec-support (~> 3.8.0)
    rspec-support (3.8.0)
    slop (3.6.0)
    yard (0.9.16)

PLATFORMS
  ruby

DEPENDENCIES
  apple-media!
  bundler (~> 1.15)
  pry (~> 0.10.0)
  pry-byebug
  pry-doc
  rake (~> 10.0)
  rspec (~> 3.0)

BUNDLED WITH
   1.17.2
